GEM
  remote: https://rubygems.org/
  specs:
    coderay (1.1.2)
    date (2.0.0)
    diffy (3.4.1)
    json (2.2.0)
    method_source (0.9.2)
    openssl (2.1.2)
    paint (2.1.1)
    pry (0.12.2)
      coderay (~> 1.1.0)
      method_source (~> 0.9.0)
    unicode-display_width (1.6.0)
    whirly (0.2.6)
      unicode-display_width (~> 1.1)

PLATFORMS
  ruby

DEPENDENCIES
  date
  diffy
  json
  openssl
  paint
  pry
  whirly

BUNDLED WITH
   1.17.3
