GEM
  remote: https://rubygems.org/
  specs:
    coderay (1.1.2)
    date (2.0.0)
    json (2.2.0)
    method_source (0.9.2)
    openssl (2.1.2)
    pry (0.12.2)
      coderay (~> 1.1.0)
      method_source (~> 0.9.0)

PLATFORMS
  ruby

DEPENDENCIES
  date
  json
  openssl
  pry

BUNDLED WITH
   1.17.3
